{
    "Modality": "MR",
    "MagneticFieldStrength": 3,
    "ImagingFrequency": 123.191,
    "Manufacturer": "Siemens",
    "ManufacturersModelName": "Biograph_mMR",
    "InstitutionName": "Klinikum_rechts_der_Isar",
    "InstitutionalDepartmentName": "Department",
    "InstitutionAddress": "Ismaninger_Strasse_22_Muenchen_Muenchen_DE_81675",
    "DeviceSerialNumber": "51004",
    "StationName": "MRC51004",
    "BodyPartExamined": "HEAD",
    "PatientPosition": "HFS",
    "ProcedureStepDescription": "PET_MR_Neurologie_(Demenz_Depression_Koma)",
    "SoftwareVersions": "syngo_MR_B20P",
    "MRAcquisitionType": "2D",
    "SeriesDescription": "Head_ep2d_pace_rest_1_Augen_zu",
    "ProtocolName": "Head_ep2d_pace_rest_1_Augen_zu",
    "ScanningSequence": "EP",
    "SequenceVariant": "SK",
    "ScanOptions": "FS",
    "SequenceName": "_epfid2d1_64",
    "ImageType": [
        "ORIGINAL",
        "PRIMARY",
        "M",
        "ND",
        "MOSAIC"
    ],
    "SeriesNumber": 17,
    "AcquisitionTime": "19:15:15.187500",
    "AcquisitionNumber": 1,
    "SliceThickness": 3,
    "SpacingBetweenSlices": 3.6,
    "SAR": 0.127066,
    "EchoTime": 0.03,
    "RepetitionTime": 2,
    "FlipAngle": 90,
    "PartialFourier": 1,
    "BaseResolution": 64,
    "ShimSetting": [
        1271,
        6979,
        5153,
        493,
        393,
        -676,
        429,
        -109
    ],
    "TxRefAmp": 375.902,
    "PhaseResolution": 1,
    "ReceiveCoilName": "HeadNeck_MRPET",
    "CoilString": "t:HEA;HEP;NEA;NEP",
    "PulseSequenceDetails": "%SiemensSeq%_ep2d_pace",
    "RefLinesPE": 24,
    "PercentPhaseFOV": 100,
    "PhaseEncodingSteps": 63,
    "AcquisitionMatrixPE": 64,
    "ReconMatrixPE": 64,
    "BandwidthPerPixelPhaseEncode": 58.962,
    "ParallelReductionFactorInPlane": 2,
    "EffectiveEchoSpacing": 0.000265001,
    "DerivedVendorReportedEchoSpacing": 0.000530002,
    "TotalReadoutTime": 0.0166951,
    "PixelBandwidth": 2232,
    "DwellTime": 3.5e-06,
    "PhaseEncodingDirection": "j-",
    "SliceTiming": [
        0,
        1.0225,
        0.0575,
        1.08,
        0.1125,
        1.135,
        0.17,
        1.1925,
        0.2275,
        1.25,
        0.285,
        1.305,
        0.34,
        1.3625,
        0.3975,
        1.42,
        0.455,
        1.4775,
        0.51,
        1.5325,
        0.5675,
        1.59,
        0.625,
        1.6475,
        0.6825,
        1.7025,
        0.7375,
        1.76,
        0.795,
        1.8175,
        0.8525,
        1.875,
        0.9075,
        1.93,
        0.965
    ],
    "ImageOrientationPatientDICOM": [
        0.998537,
        0.0533981,
        -0.00855299,
        -0.0540788,
        0.985969,
        -0.157927
    ],
    "InPlanePhaseEncodingDirectionDICOM": "COL",
    "ConversionSoftware": "dcm2niix",
    "ConversionSoftwareVersion": "v1.0.20190902",
    "TaskName": "rest"
}