{
    "Modality": "MR",
    "MagneticFieldStrength": 3,
    "ImagingFrequency": 123.235,
    "Manufacturer": "Siemens",
    "ManufacturersModelName": "Biograph_mMR",
    "InstitutionName": "Klinikum_rechts_der_Isar",
    "InstitutionalDepartmentName": "Department",
    "InstitutionAddress": "Ismaninger_Strasse_22_Muenchen_Muenchen_DE_81675",
    "DeviceSerialNumber": "51004",
    "StationName": "MRC51004",
    "BodyPartExamined": "HEAD",
    "PatientPosition": "HFS",
    "ProcedureStepDescription": "PET_MR_Neurologie_(Demenz_Depression_Koma)",
    "SoftwareVersions": "syngo_MR_E11",
    "MRAcquisitionType": "2D",
    "SeriesDescription": "Head_ep2d_pace_rest_300dyn",
    "ProtocolName": "Head_ep2d_pace_rest_300dyn",
    "ScanningSequence": "EP",
    "SequenceVariant": "SK",
    "ScanOptions": "FS",
    "SequenceName": "_epfid2d1_64",
    "ImageType": [
        "ORIGINAL",
        "PRIMARY",
        "M",
        "ND",
        "MOSAIC"
    ],
    "SeriesNumber": 26,
    "AcquisitionTime": "10:07:31.487500",
    "AcquisitionNumber": 1,
    "SliceThickness": 3,
    "SpacingBetweenSlices": 3.6,
    "SAR": 0.15823,
    "EchoTime": 0.03,
    "RepetitionTime": 2,
    "FlipAngle": 90,
    "PartialFourier": 1,
    "BaseResolution": 64,
    "ShimSetting": [
        1249,
        6903,
        5170,
        485,
        244,
        -469,
        -399,
        -202
    ],
    "TxRefAmp": 336.549,
    "PhaseResolution": 1,
    "ReceiveCoilName": "HeadNeck_MRPET",
    "ReceiveCoilActiveElements": "HEA;HEP",
    "PulseSequenceDetails": "%SiemensSeq%_ep2d_pace",
    "RefLinesPE": 24,
    "ConsistencyInfo": "N4_VE11P_LATEST_20161021",
    "PercentPhaseFOV": 100,
    "EchoTrainLength": 31,
    "PhaseEncodingSteps": 63,
    "AcquisitionMatrixPE": 64,
    "ReconMatrixPE": 64,
    "BandwidthPerPixelPhaseEncode": 58.962,
    "ParallelReductionFactorInPlane": 2,
    "EffectiveEchoSpacing": 0.000265001,
    "DerivedVendorReportedEchoSpacing": 0.000530002,
    "TotalReadoutTime": 0.0166951,
    "PixelBandwidth": 2230,
    "DwellTime": 3.5e-06,
    "PhaseEncodingDirection": "j-",
    "SliceTiming": [
        0,
        1.0175,
        0.0575,
        1.075,
        0.1125,
        1.13,
        0.17,
        1.1875,
        0.225,
        1.245,
        0.2825,
        1.3,
        0.34,
        1.3575,
        0.395,
        1.415,
        0.4525,
        1.47,
        0.51,
        1.5275,
        0.565,
        1.5825,
        0.6225,
        1.64,
        0.6775,
        1.6975,
        0.735,
        1.7525,
        0.7925,
        1.81,
        0.8475,
        1.8675,
        0.905,
        1.9225,
        0.9625
    ],
    "ImageOrientationPatientDICOM": [
        0.999653,
        -0.0197915,
        0.0174072,
        0.0209397,
        0.997434,
        -0.0684613
    ],
    "InPlanePhaseEncodingDirectionDICOM": "COL",
    "ConversionSoftware": "dcm2niix",
    "ConversionSoftwareVersion": "v1.0.20190902",
    "TaskName": "rest"
}