{
    "Modality": "MR",
    "MagneticFieldStrength": 3,
    "Manufacturer": "Siemens",
    "ManufacturersModelName": "Biograph_mMR",
    "InstitutionName": "Klinikum_rechts_der_Isar",
    "InstitutionalDepartmentName": "Department",
    "InstitutionAddress": "Ismaninger_Strasse_22_Muenchen_Muenchen_DE_81675",
    "DeviceSerialNumber": "51004",
    "StationName": "MRC51004",
    "BodyPartExamined": "HEAD",
    "PatientPosition": "HFS",
    "ProcedureStepDescription": "PET_MR_Neurologie_(Demenz_Depression_Koma)",
    "SoftwareVersions": "syngo_MR_B20P",
    "MRAcquisitionType": "2D",
    "SeriesDescription": "Head_ep2d_pace_rest_1_Augen_auf",
    "ProtocolName": "Head_ep2d_pace_rest_1_Augen_auf",
    "ScanningSequence": "EP",
    "SequenceVariant": "SK",
    "ScanOptions": "FS",
    "SequenceName": "_epfid2d1_64",
    "ImageType": [
        "ORIGINAL",
        "PRIMARY",
        "M",
        "ND",
        "MOSAIC"
    ],
    "SeriesNumber": 19,
    "AcquisitionTime": "18:07:33.562500",
    "AcquisitionNumber": 1,
    "SliceThickness": 3,
    "SpacingBetweenSlices": 3.6,
    "SAR": 0.115793,
    "EchoTime": 0.03,
    "RepetitionTime": 2,
    "FlipAngle": 90,
    "PartialFourier": 1,
    "BaseResolution": 64,
    "ShimSetting": [
        1266,
        7034,
        5171,
        513,
        232,
        -199,
        -253,
        -235
    ],
    "TxRefAmp": 339.705,
    "PhaseResolution": 1,
    "ReceiveCoilName": "HeadNeck_MRPET",
    "PulseSequenceDetails": "%SiemensSeq%_ep2d_pace",
    "PercentPhaseFOV": 100,
    "PhaseEncodingSteps": 63,
    "AcquisitionMatrixPE": 64,
    "ReconMatrixPE": 64,
    "BandwidthPerPixelPhaseEncode": 58.962,
    "ParallelReductionFactorInPlane": 2,
    "EffectiveEchoSpacing": 0.000265001,
    "DerivedVendorReportedEchoSpacing": 0.000530002,
    "TotalReadoutTime": 0.0166951,
    "PixelBandwidth": 2232,
    "DwellTime": 3.5e-06,
    "PhaseEncodingDirection": "j-",
    "SliceTiming": [
        0,
        1.0225,
        0.0575,
        1.08,
        0.115,
        1.1375,
        0.17,
        1.1925,
        0.2275,
        1.25,
        0.285,
        1.3075,
        0.3425,
        1.3625,
        0.3975,
        1.42,
        0.455,
        1.4775,
        0.5125,
        1.535,
        0.5675,
        1.59,
        0.625,
        1.6475,
        0.6825,
        1.705,
        0.74,
        1.76,
        0.795,
        1.8175,
        0.8525,
        1.875,
        0.91,
        1.9325,
        0.965
    ],
    "ImageOrientationPatientDICOM": [
        0.997233,
        0.058012,
        0.0464905,
        -0.040053,
        0.946092,
        -0.321412
    ],
    "InPlanePhaseEncodingDirectionDICOM": "COL",
    "ConversionSoftware": "dcm2niix",
    "ConversionSoftwareVersion": "v1.0.20180622 (JP2:OpenJPEG) (JP-LS:CharLS) GCC5.5.0",
    "TaskName": "rest"
}