{
	"Modality": "MR",
	"MagneticFieldStrength": 3,
	"ImagingFrequency": 123.191,
	"Manufacturer": "Siemens",
	"ManufacturersModelName": "Biograph_mMR",
	"InstitutionName": "Klinikum_rechts_der_Isar",
	"InstitutionalDepartmentName": "Department",
	"InstitutionAddress": "Ismaninger_Strasse_22_Muenchen_Muenchen_DE_81675",
	"DeviceSerialNumber": "51004",
	"StationName": "MRC51004",
	"BodyPartExamined": "HEAD",
	"PatientPosition": "HFS",
	"ProcedureStepDescription": "PET_MR_Neurologie_(Demenz_Depression_Koma)",
	"SoftwareVersions": "syngo_MR_B20P",
	"MRAcquisitionType": "2D",
	"SeriesDescription": "ep2d_diff_p2_b800_Gdir30",
	"ProtocolName": "ep2d_diff_p2_b800_Gdir30",
	"ScanningSequence": "EP",
	"SequenceVariant": "SK_SP",
	"ScanOptions": "PFP_FS",
	"SequenceName": "_ep_b0",
	"ImageType": ["ORIGINAL", "PRIMARY", "DIFFUSION", "NONE", "ND", "NORM", "MOSAIC"],
	"SeriesNumber": 8,
	"AcquisitionTime": "11:48:57.717500",
	"AcquisitionNumber": 1,
	"SliceThickness": 2,
	"SpacingBetweenSlices": 2,
	"SAR": 0.156082,
	"EchoTime": 0.082,
	"RepetitionTime": 10.8,
	"FlipAngle": 90,
	"PartialFourier": 0.75,
	"BaseResolution": 130,
	"ShimSetting": [
		1306,
		6938,
		5215,
		430,
		419,
		-74,
		177,
		-161	],
	"DiffusionScheme": "Monopolar",
	"TxRefAmp": 335.447,
	"PhaseResolution": 1,
	"ReceiveCoilName": "HeadNeck_MRPET",
	"CoilString": "T:HEA;HEP",
	"PulseSequenceDetails": "%SiemensSeq%_ep2d_diff",
	"RefLinesPE": 40,
	"PercentPhaseFOV": 100,
	"PhaseEncodingSteps": 105,
	"AcquisitionMatrixPE": 130,
	"ReconMatrixPE": 130,
	"BandwidthPerPixelPhaseEncode": 22.624,
	"ParallelReductionFactorInPlane": 2,
	"EffectiveEchoSpacing": 0.000340007,
	"DerivedVendorReportedEchoSpacing": 0.000680013,
	"TotalReadoutTime": 0.0438608,
	"PixelBandwidth": 1672,
	"DwellTime": 2.3e-06,
	"PhaseEncodingDirection": "j-",
	"SliceTiming": [
		5.42,
		0,
		5.6,
		0.18,
		5.7825,
		0.36,
		5.9625,
		0.54,
		6.1425,
		0.7225,
		6.325,
		0.9025,
		6.505,
		1.0825,
		6.685,
		1.265,
		6.865,
		1.445,
		7.0475,
		1.625,
		7.2275,
		1.805,
		7.4075,
		1.9875,
		7.59,
		2.1675,
		7.77,
		2.3475,
		7.95,
		2.53,
		8.13,
		2.71,
		8.3125,
		2.89,
		8.4925,
		3.07,
		8.6725,
		3.2525,
		8.855,
		3.4325,
		9.035,
		3.6125,
		9.215,
		3.795,
		9.395,
		3.975,
		9.5775,
		4.155,
		9.7575,
		4.335,
		9.9375,
		4.5175,
		10.12,
		4.6975,
		10.3,
		4.8775,
		10.48,
		5.06,
		10.66,
		5.24	],
	"ImageOrientationPatientDICOM": [
		0.999391,
		0.0348451,
		-0.00194814,
		-0.0348995,
		0.997833,
		-0.0557875	],
	"InPlanePhaseEncodingDirectionDICOM": "COL",
	"ConversionSoftware": "dcm2niix",
	"ConversionSoftwareVersion": "v1.0.20190902"
}
