{
	"Modality": "MR",
	"MagneticFieldStrength": 3,
	"ImagingFrequency": 123.235,
	"Manufacturer": "Siemens",
	"ManufacturersModelName": "Biograph_mMR",
	"InstitutionName": "Klinikum_rechts_der_Isar",
	"InstitutionalDepartmentName": "Department",
	"InstitutionAddress": "Ismaninger_Strasse_22_Muenchen_Muenchen_DE_81675",
	"DeviceSerialNumber": "51004",
	"StationName": "MRC51004",
	"BodyPartExamined": "HEAD",
	"PatientPosition": "HFS",
	"ProcedureStepDescription": "PET_MR_Neurologie_(Demenz_Depression_Koma)",
	"SoftwareVersions": "syngo_MR_E11",
	"MRAcquisitionType": "2D",
	"SeriesDescription": "ep2d_diff_p2_b800_Gdir30",
	"ProtocolName": "ep2d_diff_p2_b800_Gdir30",
	"ScanningSequence": "EP",
	"SequenceVariant": "SK_SP",
	"ScanOptions": "PFP_FS",
	"SequenceName": "_ep_b0",
	"ImageType": ["ORIGINAL", "PRIMARY", "DIFFUSION", "NONE", "ND", "NORM", "MOSAIC"],
	"SeriesNumber": 17,
	"AcquisitionTime": "10:58:38.345000",
	"AcquisitionNumber": 1,
	"SliceThickness": 2,
	"SpacingBetweenSlices": 2,
	"SAR": 0.291135,
	"EchoTime": 0.082,
	"RepetitionTime": 10.8,
	"FlipAngle": 90,
	"PartialFourier": 0.75,
	"BaseResolution": 130,
	"ShimSetting": [
		1237,
		7033,
		5287,
		654,
		221,
		542,
		201,
		-137	],
	"DiffusionScheme": "Bipolar",
	"TxRefAmp": 319.335,
	"PhaseResolution": 1,
	"ReceiveCoilName": "HeadNeck_MRPET",
	"ReceiveCoilActiveElements": "HEA;HEP;NEP",
	"PulseSequenceDetails": "%SiemensSeq%_ep2d_diff",
	"RefLinesPE": 40,
	"ConsistencyInfo": "N4_VE11P_LATEST_20161021",
	"PercentPhaseFOV": 100,
	"EchoTrainLength": 53,
	"PhaseEncodingSteps": 105,
	"AcquisitionMatrixPE": 130,
	"ReconMatrixPE": 130,
	"BandwidthPerPixelPhaseEncode": 22.624,
	"ParallelReductionFactorInPlane": 2,
	"EffectiveEchoSpacing": 0.000340007,
	"DerivedVendorReportedEchoSpacing": 0.000680013,
	"TotalReadoutTime": 0.0438608,
	"PixelBandwidth": 1670,
	"DwellTime": 2.3e-06,
	"PhaseEncodingDirection": "j-",
	"SliceTiming": [
		5.39,
		0,
		5.5675,
		0.18,
		5.7475,
		0.3575,
		5.9275,
		0.5375,
		6.1075,
		0.7175,
		6.2875,
		0.8975,
		6.4675,
		1.0775,
		6.6475,
		1.2575,
		6.825,
		1.4375,
		7.005,
		1.615,
		7.185,
		1.795,
		7.365,
		1.975,
		7.545,
		2.155,
		7.725,
		2.335,
		7.905,
		2.515,
		8.085,
		2.695,
		8.2625,
		2.8725,
		8.4425,
		3.0525,
		8.6225,
		3.2325,
		8.8025,
		3.4125,
		8.9825,
		3.5925,
		9.1625,
		3.7725,
		9.3425,
		3.9525,
		9.52,
		4.1325,
		9.7,
		4.31,
		9.88,
		4.49,
		10.06,
		4.67,
		10.24,
		4.85,
		10.42,
		5.03,
		10.6,
		5.21	],
	"ImageOrientationPatientDICOM": [
		0.997597,
		-0.0491655,
		0.0488153,
		0.0540279,
		0.993122,
		-0.103876	],
	"InPlanePhaseEncodingDirectionDICOM": "COL",
	"ConversionSoftware": "dcm2niix",
	"ConversionSoftwareVersion": "v1.0.20190902"
}
