{
    "Modality": "MR",
    "MagneticFieldStrength": 3,
    "ImagingFrequency": 123.191,
    "Manufacturer": "Siemens",
    "ManufacturersModelName": "Biograph_mMR",
    "InstitutionName": "Klinikum_rechts_der_Isar",
    "InstitutionalDepartmentName": "Department",
    "InstitutionAddress": "Ismaninger_Strasse_22_Muenchen_Muenchen_DE_81675",
    "DeviceSerialNumber": "51004",
    "StationName": "MRC51004",
    "BodyPartExamined": "HEAD",
    "PatientPosition": "HFS",
    "ProcedureStepDescription": "PET_MR_Neurologie_(Demenz_Depression_Koma)",
    "SoftwareVersions": "syngo_MR_B20P",
    "MRAcquisitionType": "2D",
    "SeriesDescription": "Head_ep2d_pace_rest_1_Augen_zu",
    "ProtocolName": "Head_ep2d_pace_rest_1_Augen_zu",
    "ScanningSequence": "EP",
    "SequenceVariant": "SK",
    "ScanOptions": "FS",
    "SequenceName": "_epfid2d1_64",
    "ImageType": [
        "ORIGINAL",
        "PRIMARY",
        "M",
        "ND",
        "MOSAIC"
    ],
    "SeriesNumber": 17,
    "AcquisitionTime": "12:00:1.742500",
    "AcquisitionNumber": 1,
    "SliceThickness": 3,
    "SpacingBetweenSlices": 3.6,
    "SAR": 0.110999,
    "EchoTime": 0.03,
    "RepetitionTime": 2,
    "FlipAngle": 90,
    "PartialFourier": 1,
    "BaseResolution": 64,
    "ShimSetting": [
        1303,
        6927,
        5213,
        407,
        402,
        -106,
        116,
        -160
    ],
    "TxRefAmp": 335.447,
    "PhaseResolution": 1,
    "ReceiveCoilName": "HeadNeck_MRPET",
    "CoilString": "t:HEA;HEP",
    "PulseSequenceDetails": "%SiemensSeq%_ep2d_pace",
    "RefLinesPE": 24,
    "PercentPhaseFOV": 100,
    "PhaseEncodingSteps": 63,
    "AcquisitionMatrixPE": 64,
    "ReconMatrixPE": 64,
    "BandwidthPerPixelPhaseEncode": 58.962,
    "ParallelReductionFactorInPlane": 2,
    "EffectiveEchoSpacing": 0.000265001,
    "DerivedVendorReportedEchoSpacing": 0.000530002,
    "TotalReadoutTime": 0.0166951,
    "PixelBandwidth": 2232,
    "DwellTime": 3.5e-06,
    "PhaseEncodingDirection": "j-",
    "SliceTiming": [
        0,
        1.0225,
        0.055,
        1.0775,
        0.1125,
        1.135,
        0.17,
        1.1925,
        0.2275,
        1.2475,
        0.2825,
        1.305,
        0.34,
        1.3625,
        0.3975,
        1.42,
        0.4525,
        1.475,
        0.51,
        1.5325,
        0.5675,
        1.59,
        0.625,
        1.645,
        0.68,
        1.7025,
        0.7375,
        1.76,
        0.795,
        1.8175,
        0.85,
        1.8725,
        0.9075,
        1.93,
        0.965
    ],
    "ImageOrientationPatientDICOM": [
        0.999391,
        0.0348451,
        -0.00194814,
        -0.0348995,
        0.997833,
        -0.0557875
    ],
    "InPlanePhaseEncodingDirectionDICOM": "COL",
    "ConversionSoftware": "dcm2niix",
    "ConversionSoftwareVersion": "v1.0.20190902",
    "TaskName": "rest"
}