{
	"Modality": "MR",
	"MagneticFieldStrength": 3,
	"ImagingFrequency": 123.235,
	"Manufacturer": "Siemens",
	"ManufacturersModelName": "Biograph_mMR",
	"InstitutionName": "Klinikum_rechts_der_Isar",
	"InstitutionalDepartmentName": "Department",
	"InstitutionAddress": "Ismaninger_Strasse_22_Muenchen_Muenchen_DE_81675",
	"DeviceSerialNumber": "51004",
	"StationName": "MRC51004",
	"BodyPartExamined": "BRAIN",
	"PatientPosition": "HFS",
	"ProcedureStepDescription": "PET_MR_Neurologie_(Demenz_Depression_Koma)",
	"SoftwareVersions": "syngo_MR_E11",
	"MRAcquisitionType": "3D",
	"SeriesDescription": "Head_MPRAGE_highContrast",
	"ProtocolName": "Head_MPRAGE_highContrast",
	"ScanningSequence": "GR_IR",
	"SequenceVariant": "SK_SP_MP",
	"ScanOptions": "IR",
	"SequenceName": "_tfl3d1_16ns",
	"ImageType": ["ORIGINAL", "PRIMARY", "M", "NORM", "DIS2D"],
	"SeriesNumber": 41,
	"AcquisitionTime": "10:49:19.660000",
	"AcquisitionNumber": 1,
	"SliceThickness": 1,
	"SAR": 0.077935,
	"EchoTime": 0.00298,
	"RepetitionTime": 2.3,
	"InversionTime": 0.9,
	"FlipAngle": 9,
	"PartialFourier": 1,
	"BaseResolution": 256,
	"ShimSetting": [
		1271,
		6866,
		5079,
		142,
		248,
		-1038,
		533,
		-124	],
	"TxRefAmp": 336.549,
	"PhaseResolution": 1,
	"ReceiveCoilName": "HeadNeck_MRPET",
	"ReceiveCoilActiveElements": "HEA;HEP;NEA;NEP",
	"PulseSequenceDetails": "%SiemensSeq%_tfl",
	"RefLinesPE": 24,
	"ConsistencyInfo": "N4_VE11P_LATEST_20161021",
	"PercentPhaseFOV": 93.75,
	"PhaseEncodingSteps": 239,
	"AcquisitionMatrixPE": 240,
	"ReconMatrixPE": 240,
	"ParallelReductionFactorInPlane": 2,
	"PixelBandwidth": 240,
	"DwellTime": 8.2e-06,
	"ImageOrientationPatientDICOM": [
		0.0436121,
		0.999049,
		2.65569e-08,
		0.0279129,
		-0.00121847,
		-0.99961	],
	"InPlanePhaseEncodingDirectionDICOM": "ROW",
	"ConversionSoftware": "dcm2niix",
	"ConversionSoftwareVersion": "v1.0.20190902"
}
