{
    "Modality": "MR",
    "MagneticFieldStrength": 3,
    "ImagingFrequency": 123.235,
    "Manufacturer": "Siemens",
    "ManufacturersModelName": "Biograph_mMR",
    "InstitutionName": "Klinikum_rechts_der_Isar",
    "InstitutionalDepartmentName": "Department",
    "InstitutionAddress": "Ismaninger_Strasse_22_Muenchen_Muenchen_DE_81675",
    "DeviceSerialNumber": "51004",
    "StationName": "MRC51004",
    "BodyPartExamined": "HEAD",
    "PatientPosition": "HFS",
    "ProcedureStepDescription": "PET_MR_Neurologie_(Demenz_Depression_Koma)",
    "SoftwareVersions": "syngo_MR_E11",
    "MRAcquisitionType": "2D",
    "SeriesDescription": "Head_ep2d_pace_rest_300dyn",
    "ProtocolName": "Head_ep2d_pace_rest_300dyn",
    "ScanningSequence": "EP",
    "SequenceVariant": "SK",
    "ScanOptions": "FS",
    "SequenceName": "_epfid2d1_64",
    "ImageType": [
        "ORIGINAL",
        "PRIMARY",
        "M",
        "ND",
        "MOSAIC"
    ],
    "SeriesNumber": 22,
    "AcquisitionTime": "10:07:46.815000",
    "AcquisitionNumber": 1,
    "SliceThickness": 3,
    "SpacingBetweenSlices": 3.6,
    "SAR": 0.159347,
    "EchoTime": 0.03,
    "RepetitionTime": 2,
    "FlipAngle": 90,
    "PartialFourier": 1,
    "BaseResolution": 64,
    "ShimSetting": [
        1254,
        6905,
        5213,
        560,
        334,
        26,
        -47,
        -110
    ],
    "TxRefAmp": 343.376,
    "PhaseResolution": 1,
    "ReceiveCoilName": "HeadNeck_MRPET",
    "ReceiveCoilActiveElements": "HEA;HEP",
    "PulseSequenceDetails": "%SiemensSeq%_ep2d_pace",
    "RefLinesPE": 24,
    "ConsistencyInfo": "N4_VE11P_LATEST_20161021",
    "PercentPhaseFOV": 100,
    "EchoTrainLength": 31,
    "PhaseEncodingSteps": 63,
    "AcquisitionMatrixPE": 64,
    "ReconMatrixPE": 64,
    "BandwidthPerPixelPhaseEncode": 58.962,
    "ParallelReductionFactorInPlane": 2,
    "EffectiveEchoSpacing": 0.000265001,
    "DerivedVendorReportedEchoSpacing": 0.000530002,
    "TotalReadoutTime": 0.0166951,
    "PixelBandwidth": 2230,
    "DwellTime": 3.5e-06,
    "PhaseEncodingDirection": "j-",
    "SliceTiming": [
        0,
        1.0175,
        0.055,
        1.075,
        0.1125,
        1.13,
        0.1675,
        1.1875,
        0.225,
        1.2425,
        0.2825,
        1.3,
        0.3375,
        1.3575,
        0.395,
        1.4125,
        0.4525,
        1.47,
        0.5075,
        1.5275,
        0.565,
        1.5825,
        0.62,
        1.64,
        0.6775,
        1.695,
        0.735,
        1.7525,
        0.79,
        1.81,
        0.8475,
        1.865,
        0.905,
        1.9225,
        0.96
    ],
    "ImageOrientationPatientDICOM": [
        0.998135,
        0.0610303,
        0.00149155,
        -0.0610485,
        0.997837,
        0.0243866
    ],
    "InPlanePhaseEncodingDirectionDICOM": "COL",
    "ConversionSoftware": "dcm2niix",
    "ConversionSoftwareVersion": "v1.0.20190902",
    "TaskName": "rest"
}