{
	"Modality": "MR",
	"MagneticFieldStrength": 3,
	"ImagingFrequency": 123.235,
	"Manufacturer": "Siemens",
	"ManufacturersModelName": "Biograph_mMR",
	"InstitutionName": "Klinikum_rechts_der_Isar",
	"InstitutionalDepartmentName": "Department",
	"InstitutionAddress": "Ismaninger_Strasse_22_Muenchen_Muenchen_DE_81675",
	"DeviceSerialNumber": "51004",
	"StationName": "MRC51004",
	"BodyPartExamined": "HEAD",
	"PatientPosition": "HFS",
	"ProcedureStepDescription": "PET_MR_Neurologie_(Demenz_Depression_Koma)",
	"SoftwareVersions": "syngo_MR_E11",
	"MRAcquisitionType": "2D",
	"SeriesDescription": "ep2d_diff_p2_b800_Gdir30",
	"ProtocolName": "ep2d_diff_p2_b800_Gdir30",
	"ScanningSequence": "EP",
	"SequenceVariant": "SK_SP",
	"ScanOptions": "PFP_FS",
	"SequenceName": "_ep_b0",
	"ImageType": ["ORIGINAL", "PRIMARY", "DIFFUSION", "NONE", "ND", "NORM", "MOSAIC"],
	"SeriesNumber": 17,
	"AcquisitionTime": "12:06:37.347500",
	"AcquisitionNumber": 1,
	"SliceThickness": 2,
	"SpacingBetweenSlices": 2,
	"SAR": 0.269586,
	"EchoTime": 0.082,
	"RepetitionTime": 10.8,
	"FlipAngle": 90,
	"PartialFourier": 0.75,
	"BaseResolution": 130,
	"ShimSetting": [
		1289,
		6841,
		5223,
		729,
		364,
		-174,
		335,
		-77	],
	"DiffusionScheme": "Bipolar",
	"TxRefAmp": 336.633,
	"PhaseResolution": 1,
	"ReceiveCoilName": "HeadNeck_MRPET",
	"ReceiveCoilActiveElements": "HEA;HEP;NEP",
	"PulseSequenceDetails": "%SiemensSeq%_ep2d_diff",
	"RefLinesPE": 40,
	"ConsistencyInfo": "N4_VE11P_LATEST_20161021",
	"PercentPhaseFOV": 100,
	"EchoTrainLength": 53,
	"PhaseEncodingSteps": 105,
	"AcquisitionMatrixPE": 130,
	"ReconMatrixPE": 130,
	"BandwidthPerPixelPhaseEncode": 22.624,
	"ParallelReductionFactorInPlane": 2,
	"EffectiveEchoSpacing": 0.000340007,
	"DerivedVendorReportedEchoSpacing": 0.000680013,
	"TotalReadoutTime": 0.0438608,
	"PixelBandwidth": 1670,
	"DwellTime": 2.3e-06,
	"PhaseEncodingDirection": "j-",
	"SliceTiming": [
		5.39,
		0,
		5.57,
		0.18,
		5.75,
		0.36,
		5.93,
		0.54,
		6.11,
		0.72,
		6.2875,
		0.8975,
		6.4675,
		1.0775,
		6.6475,
		1.2575,
		6.8275,
		1.4375,
		7.0075,
		1.6175,
		7.1875,
		1.7975,
		7.3675,
		1.9775,
		7.545,
		2.1575,
		7.725,
		2.335,
		7.905,
		2.515,
		8.085,
		2.695,
		8.265,
		2.875,
		8.445,
		3.055,
		8.625,
		3.235,
		8.805,
		3.415,
		8.9825,
		3.5925,
		9.1625,
		3.7725,
		9.3425,
		3.9525,
		9.5225,
		4.1325,
		9.7025,
		4.3125,
		9.8825,
		4.4925,
		10.0625,
		4.6725,
		10.24,
		4.8525,
		10.42,
		5.03,
		10.6,
		5.21	],
	"ImageOrientationPatientDICOM": [
		0.992026,
		-0.0911728,
		0.0870121,
		0.0955213,
		0.994308,
		-0.0471864	],
	"InPlanePhaseEncodingDirectionDICOM": "COL",
	"ConversionSoftware": "dcm2niix",
	"ConversionSoftwareVersion": "v1.0.20190902"
}
