{
	"Modality": "MR",
	"MagneticFieldStrength": 3,
	"ImagingFrequency": 123.191,
	"Manufacturer": "Siemens",
	"ManufacturersModelName": "Biograph_mMR",
	"InstitutionName": "Klinikum_rechts_der_Isar",
	"InstitutionalDepartmentName": "Department",
	"InstitutionAddress": "Ismaninger_Strasse_22_Muenchen_Muenchen_DE_81675",
	"DeviceSerialNumber": "51004",
	"StationName": "MRC51004",
	"BodyPartExamined": "HEAD",
	"PatientPosition": "HFS",
	"ProcedureStepDescription": "PET_MR_Neurologie_(Demenz_Depression_Koma)",
	"SoftwareVersions": "syngo_MR_B20P",
	"MRAcquisitionType": "2D",
	"SeriesDescription": "ep2d_diff_p2_b800_Gdir30",
	"ProtocolName": "ep2d_diff_p2_b800_Gdir30",
	"ScanningSequence": "EP",
	"SequenceVariant": "SK_SP",
	"ScanOptions": "PFP_FS",
	"SequenceName": "_ep_b0",
	"ImageType": ["ORIGINAL", "PRIMARY", "DIFFUSION", "NONE", "ND", "NORM", "MOSAIC"],
	"SeriesNumber": 8,
	"AcquisitionTime": "15:59:46.730000",
	"AcquisitionNumber": 1,
	"SliceThickness": 2,
	"SpacingBetweenSlices": 2,
	"SAR": 0.134872,
	"EchoTime": 0.082,
	"RepetitionTime": 10.8,
	"FlipAngle": 90,
	"PartialFourier": 0.75,
	"BaseResolution": 130,
	"ShimSetting": [
		1290,
		6894,
		5104,
		182,
		346,
		-137,
		-81,
		-58	],
	"DiffusionScheme": "Monopolar",
	"TxRefAmp": 308.812,
	"PhaseResolution": 1,
	"ReceiveCoilName": "HeadNeck_MRPET",
	"CoilString": "T:HEA;HEP",
	"PulseSequenceDetails": "%SiemensSeq%_ep2d_diff",
	"RefLinesPE": 40,
	"PercentPhaseFOV": 100,
	"PhaseEncodingSteps": 105,
	"AcquisitionMatrixPE": 130,
	"ReconMatrixPE": 130,
	"BandwidthPerPixelPhaseEncode": 22.624,
	"ParallelReductionFactorInPlane": 2,
	"EffectiveEchoSpacing": 0.000340007,
	"DerivedVendorReportedEchoSpacing": 0.000680013,
	"TotalReadoutTime": 0.0438608,
	"PixelBandwidth": 1672,
	"DwellTime": 2.3e-06,
	"PhaseEncodingDirection": "j-",
	"SliceTiming": [
		5.4225,
		0,
		5.6025,
		0.1825,
		5.785,
		0.3625,
		5.965,
		0.5425,
		6.145,
		0.725,
		6.325,
		0.905,
		6.5075,
		1.085,
		6.6875,
		1.265,
		6.8675,
		1.4475,
		7.05,
		1.6275,
		7.23,
		1.8075,
		7.41,
		1.99,
		7.59,
		2.17,
		7.7725,
		2.35,
		7.9525,
		2.53,
		8.1325,
		2.7125,
		8.315,
		2.8925,
		8.495,
		3.0725,
		8.675,
		3.255,
		8.855,
		3.435,
		9.0375,
		3.615,
		9.2175,
		3.795,
		9.3975,
		3.9775,
		9.58,
		4.1575,
		9.76,
		4.3375,
		9.94,
		4.52,
		10.12,
		4.7,
		10.3025,
		4.88,
		10.4825,
		5.06,
		10.6625,
		5.2425	],
	"ImageOrientationPatientDICOM": [
		1,
		0,
		0,
		0,
		0.991445,
		-0.130526	],
	"InPlanePhaseEncodingDirectionDICOM": "COL",
	"ConversionSoftware": "dcm2niix",
	"ConversionSoftwareVersion": "v1.0.20190902"
}
