{
	"Modality": "MR",
	"MagneticFieldStrength": 3,
	"ImagingFrequency": 123.235,
	"Manufacturer": "Siemens",
	"ManufacturersModelName": "Biograph_mMR",
	"InstitutionName": "Klinikum_rechts_der_Isar",
	"InstitutionalDepartmentName": "Department",
	"InstitutionAddress": "Ismaninger_Strasse_22_Muenchen_Muenchen_DE_81675",
	"DeviceSerialNumber": "51004",
	"StationName": "MRC51004",
	"BodyPartExamined": "HEAD",
	"PatientPosition": "HFS",
	"ProcedureStepDescription": "PET_MR_Neurologie_(Demenz_Depression_Koma)",
	"SoftwareVersions": "syngo_MR_E11",
	"MRAcquisitionType": "3D",
	"SeriesDescription": "Head_MPRAGE_highContrast",
	"ProtocolName": "Head_MPRAGE_highContrast",
	"ScanningSequence": "GR_IR",
	"SequenceVariant": "SK_SP_MP",
	"ScanOptions": "IR",
	"SequenceName": "_tfl3d1_16ns",
	"ImageType": ["ORIGINAL", "PRIMARY", "M", "NORM", "DIS2D"],
	"SeriesNumber": 44,
	"AcquisitionTime": "13:10:38.905000",
	"AcquisitionNumber": 1,
	"SliceThickness": 1,
	"SAR": 0.0681303,
	"EchoTime": 0.00298,
	"RepetitionTime": 2.3,
	"InversionTime": 0.9,
	"FlipAngle": 9,
	"PartialFourier": 1,
	"BaseResolution": 256,
	"ShimSetting": [
		1278,
		6724,
		5076,
		345,
		290,
		-1150,
		508,
		-83	],
	"TxRefAmp": 336.633,
	"PhaseResolution": 1,
	"ReceiveCoilName": "HeadNeck_MRPET",
	"ReceiveCoilActiveElements": "HEA;HEP;NEA;NEP",
	"PulseSequenceDetails": "%SiemensSeq%_tfl",
	"RefLinesPE": 24,
	"ConsistencyInfo": "N4_VE11P_LATEST_20161021",
	"PercentPhaseFOV": 93.75,
	"PhaseEncodingSteps": 239,
	"AcquisitionMatrixPE": 240,
	"ReconMatrixPE": 240,
	"ParallelReductionFactorInPlane": 2,
	"PixelBandwidth": 240,
	"DwellTime": 8.2e-06,
	"ImageOrientationPatientDICOM": [
		0.100993,
		0.994887,
		-1.94938e-08,
		0.0522355,
		-0.00530255,
		-0.998621	],
	"InPlanePhaseEncodingDirectionDICOM": "ROW",
	"ConversionSoftware": "dcm2niix",
	"ConversionSoftwareVersion": "v1.0.20190902"
}
