{
	"Modality": "MR",
	"MagneticFieldStrength": 3,
	"ImagingFrequency": 123.191,
	"Manufacturer": "Siemens",
	"ManufacturersModelName": "Biograph_mMR",
	"InstitutionName": "Klinikum_rechts_der_Isar",
	"InstitutionalDepartmentName": "Department",
	"InstitutionAddress": "Ismaninger_Strasse_22_Muenchen_Muenchen_DE_81675",
	"DeviceSerialNumber": "51004",
	"StationName": "MRC51004",
	"BodyPartExamined": "HEAD",
	"PatientPosition": "HFS",
	"ProcedureStepDescription": "PET_MR_Neurologie_(Demenz_Depression_Koma)",
	"SoftwareVersions": "syngo_MR_B20P",
	"MRAcquisitionType": "3D",
	"SeriesDescription": "Head_MPRAGE_highContrast",
	"ProtocolName": "Head_MPRAGE_highContrast",
	"ScanningSequence": "GR_IR",
	"SequenceVariant": "SP_MP",
	"ScanOptions": "IR",
	"SequenceName": "_tfl3d1_ns",
	"ImageType": ["ORIGINAL", "PRIMARY", "M", "NORM", "DIS2D"],
	"SeriesNumber": 28,
	"AcquisitionTime": "19:49:43.970000",
	"AcquisitionNumber": 1,
	"SliceThickness": 1,
	"SAR": 0.0490115,
	"EchoTime": 0.00298,
	"RepetitionTime": 2.3,
	"InversionTime": 0.9,
	"FlipAngle": 9,
	"PartialFourier": 1,
	"BaseResolution": 256,
	"ShimSetting": [
		1291,
		6934,
		5154,
		84,
		283,
		-636,
		720,
		-162	],
	"TxRefAmp": 320.975,
	"PhaseResolution": 1,
	"ReceiveCoilName": "HeadNeck_MRPET",
	"CoilString": "t:HEA;HEP;NEA;NEP",
	"PulseSequenceDetails": "%SiemensSeq%_tfl",
	"RefLinesPE": 24,
	"PercentPhaseFOV": 93.75,
	"PhaseEncodingSteps": 239,
	"AcquisitionMatrixPE": 240,
	"ReconMatrixPE": 240,
	"ParallelReductionFactorInPlane": 2,
	"PixelBandwidth": 238,
	"DwellTime": 8.2e-06,
	"ImageOrientationPatientDICOM": [
		0.0331552,
		0.99945,
		1.84854e-08,
		0.0174428,
		-0.000578618,
		-0.999848	],
	"InPlanePhaseEncodingDirectionDICOM": "ROW",
	"ConversionSoftware": "dcm2niix",
	"ConversionSoftwareVersion": "v1.0.20190902"
}
