{
	"Modality": "MR",
	"MagneticFieldStrength": 3,
	"Manufacturer": "Siemens",
	"ManufacturersModelName": "Biograph_mMR",
	"InstitutionName": "Klinikum_rechts_der_Isar",
	"InstitutionalDepartmentName": "Department",
	"InstitutionAddress": "Ismaninger_Strasse_22_Muenchen_Muenchen_DE_81675",
	"DeviceSerialNumber": "51004",
	"StationName": "MRC51004",
	"BodyPartExamined": "HEAD",
	"PatientPosition": "HFS",
	"ProcedureStepDescription": "PET_MR_Neurologie_(Demenz_Depression_Koma)",
	"SoftwareVersions": "syngo_MR_B20P",
	"MRAcquisitionType": "3D",
	"SeriesDescription": "Head_MPRAGE_highContrast",
	"ProtocolName": "Head_MPRAGE_highContrast",
	"ScanningSequence": "GR_IR",
	"SequenceVariant": "SP_MP",
	"ScanOptions": "IR",
	"SequenceName": "_tfl3d1_ns",
	"ImageType": ["ORIGINAL", "PRIMARY", "M", "NORM", "DIS2D"],
	"SeriesNumber": 30,
	"AcquisitionTime": "12:22:9.010000",
	"AcquisitionNumber": 1,
	"SliceThickness": 1,
	"SAR": 0.0558537,
	"EchoTime": 0.00298,
	"RepetitionTime": 2.3,
	"InversionTime": 0.9,
	"FlipAngle": 9,
	"PartialFourier": 1,
	"BaseResolution": 256,
	"ShimSetting": [
		1288,
		6781,
		4700,
		61,
		452,
		-816,
		278,
		-235	],
	"TxRefAmp": 310.735,
	"PhaseResolution": 1,
	"ReceiveCoilName": "HeadNeck_MRPET",
	"PulseSequenceDetails": "%SiemensSeq%_tfl",
	"PercentPhaseFOV": 93.75,
	"PhaseEncodingSteps": 239,
	"AcquisitionMatrixPE": 240,
	"ReconMatrixPE": 256,
	"ParallelReductionFactorInPlane": 2,
	"PixelBandwidth": 238,
	"DwellTime": 8.2e-06,
	"ImageOrientationPatientDICOM": [
		0.0226874,
		0.999743,
		7.84328e-09,
		0.0157033,
		-0.00035635,
		-0.999877	],
	"InPlanePhaseEncodingDirectionDICOM": "ROW",
	"ConversionSoftware": "dcm2niix",
	"ConversionSoftwareVersion": "v1.0.20180622 (JP2:OpenJPEG) (JP-LS:CharLS) GCC5.5.0"
}
