{
	"Modality": "MR",
	"MagneticFieldStrength": 3,
	"ImagingFrequency": 123.191,
	"Manufacturer": "Siemens",
	"ManufacturersModelName": "Biograph_mMR",
	"InstitutionName": "Klinikum_rechts_der_Isar",
	"InstitutionalDepartmentName": "Department",
	"InstitutionAddress": "Ismaninger_Strasse_22_Muenchen_Muenchen_DE_81675",
	"DeviceSerialNumber": "51004",
	"StationName": "MRC51004",
	"BodyPartExamined": "HEAD",
	"PatientPosition": "HFS",
	"ProcedureStepDescription": "PET_MR_Neurologie_(Demenz_Depression_Koma)",
	"SoftwareVersions": "syngo_MR_B20P",
	"MRAcquisitionType": "2D",
	"SeriesDescription": "ep2d_diff_p2_b800_Gdir30",
	"ProtocolName": "ep2d_diff_p2_b800_Gdir30",
	"ScanningSequence": "EP",
	"SequenceVariant": "SK_SP",
	"ScanOptions": "PFP_FS",
	"SequenceName": "_ep_b0",
	"ImageType": ["ORIGINAL", "PRIMARY", "DIFFUSION", "NONE", "ND", "NORM", "MOSAIC"],
	"SeriesNumber": 8,
	"AcquisitionTime": "19:04:27.130000",
	"AcquisitionNumber": 1,
	"SliceThickness": 2,
	"SpacingBetweenSlices": 2,
	"SAR": 0.201634,
	"EchoTime": 0.082,
	"RepetitionTime": 10.8,
	"FlipAngle": 90,
	"PartialFourier": 0.75,
	"BaseResolution": 130,
	"ShimSetting": [
		1258,
		6975,
		5215,
		490,
		316,
		-302,
		8,
		-244	],
	"DiffusionScheme": "Monopolar",
	"TxRefAmp": 396.115,
	"PhaseResolution": 1,
	"ReceiveCoilName": "HeadNeck_MRPET",
	"CoilString": "T:HEA;HEP;NEA;NEP",
	"PulseSequenceDetails": "%SiemensSeq%_ep2d_diff",
	"RefLinesPE": 40,
	"PercentPhaseFOV": 100,
	"PhaseEncodingSteps": 105,
	"AcquisitionMatrixPE": 130,
	"ReconMatrixPE": 130,
	"BandwidthPerPixelPhaseEncode": 22.624,
	"ParallelReductionFactorInPlane": 2,
	"EffectiveEchoSpacing": 0.000340007,
	"DerivedVendorReportedEchoSpacing": 0.000680013,
	"TotalReadoutTime": 0.0438608,
	"PixelBandwidth": 1672,
	"DwellTime": 2.3e-06,
	"PhaseEncodingDirection": "j-",
	"SliceTiming": [
		5.42,
		0,
		5.6025,
		0.18,
		5.7825,
		0.36,
		5.9625,
		0.5425,
		6.145,
		0.7225,
		6.325,
		0.9025,
		6.505,
		1.085,
		6.685,
		1.265,
		6.8675,
		1.445,
		7.0475,
		1.625,
		7.2275,
		1.8075,
		7.41,
		1.9875,
		7.59,
		2.1675,
		7.77,
		2.35,
		7.95,
		2.53,
		8.1325,
		2.71,
		8.3125,
		2.89,
		8.4925,
		3.0725,
		8.6725,
		3.2525,
		8.855,
		3.4325,
		9.035,
		3.615,
		9.215,
		3.795,
		9.3975,
		3.975,
		9.5775,
		4.155,
		9.7575,
		4.3375,
		9.9375,
		4.5175,
		10.12,
		4.6975,
		10.3,
		4.88,
		10.48,
		5.06,
		10.6625,
		5.24	],
	"ImageOrientationPatientDICOM": [
		0.998537,
		0.0533981,
		-0.00855299,
		-0.0540788,
		0.985969,
		-0.157927	],
	"InPlanePhaseEncodingDirectionDICOM": "COL",
	"ConversionSoftware": "dcm2niix",
	"ConversionSoftwareVersion": "v1.0.20190902"
}
